NUGET
  remote: https://www.nuget.org/api/v2
  specs:
    FAKE (3.30.0)
    FSharp.Compiler.Service (0.0.89)
    FSharp.Core (3.1.2.1)
    FSharp.Data (2.0.9)
      Zlib.Portable (>= 1.9.2) - framework: portable-net40+sl50+wp80+win80
    FSharp.Formatting (2.9.3)
      FSharp.Compiler.Service (>= 0.0.87)
      FSharpVSPowerTools.Core (1.8.0)
    FSharpVSPowerTools.Core (1.8.0)
      FSharp.Compiler.Service (>= 0.0.87)
    FsPickler (1.0.16)
    LinqOptimizer.FSharp (0.6.3)
    MathNet.Numerics (3.6.0)
      TaskParallelLibrary (>= 1.0.2856) - framework: >= net35 < net40
    MathNet.Numerics.FSharp (3.6.0)
      FSharp.Core (>= 3.1.2.1)
      MathNet.Numerics (3.6.0)
    MathNet.Numerics.MKL.Win-x64 (1.7.0)
      MathNet.Numerics (>= 2.4.0)
    Mono.Cecil (0.9.5.4)
    NuGet.CommandLine (2.8.3)
    NUnit (2.6.3)
    NUnit.Runners (2.6.4)
    TaskParallelLibrary (1.0.2856.0) - framework: >= net35 < net40
    Thespian.Core (0.1.1-alpha)
      FsPickler (>= 1.0.2)
    Zlib.Portable (1.10.0) - framework: portable-net40+sl50+wp80+win80
